GEM
  remote: https://rubygems.org/
  specs:
    colorize (0.8.1)
    date (3.3.3)
    mini_portile2 (2.8.8)
    sqlite3 (1.6.2)
      mini_portile2 (~> 2.8.0)

PLATFORMS
  arm64-darwin-22
  arm64-darwin-23
  arm64-darwin-24
  x86_64-darwin-22
  x86_64-darwin-23

DEPENDENCIES
  colorize
  date
  sqlite3

RUBY VERSION
   ruby 3.4.1p0

BUNDLED WITH
   2.4.12
